GEM
  remote: http://rubygems.org/
  specs:
    RubyInline (3.12.4)
      ZenTest (~> 4.3)
    ZenTest (4.11.0)
    activesupport (4.2.5)
      i18n (~> 0.7)
      json (~> 1.7, >= 1.7.7)
      minitest (~> 5.1)
      thread_safe (~> 0.3, >= 0.3.4)
      tzinfo (~> 1.1)
    claide (0.9.1)
    clamp (0.6.5)
    cocoapods (0.39.0)
      activesupport (>= 4.0.2)
      claide (~> 0.9.1)
      cocoapods-core (= 0.39.0)
      cocoapods-downloader (~> 0.9.3)
      cocoapods-plugins (~> 0.4.2)
      cocoapods-search (~> 0.1.0)
      cocoapods-stats (~> 0.6.2)
      cocoapods-trunk (~> 0.6.4)
      cocoapods-try (~> 0.5.1)
      colored (~> 1.2)
      escape (~> 0.0.4)
      molinillo (~> 0.4.0)
      nap (~> 1.0)
      xcodeproj (~> 0.28.2)
    cocoapods-core (0.39.0)
      activesupport (>= 4.0.2)
      fuzzy_match (~> 2.0.4)
      nap (~> 1.0)
    cocoapods-coverage (0.2.0)
      cocoapods-testing (>= 0.2.0)
      slather (>= 1.6.0)
    cocoapods-downloader (0.9.3)
    cocoapods-keys (1.5.2)
      dotenv
      osx_keychain
    cocoapods-packager (1.3.0)
      cocoapods (>= 0.38.2)
    cocoapods-plugins (0.4.2)
      nap
    cocoapods-search (0.1.0)
    cocoapods-stats (0.6.2)
    cocoapods-testing (0.2.0)
      xctasks (>= 0.5.0)
    cocoapods-trunk (0.6.4)
      nap (>= 0.8, < 2.0)
      netrc (= 0.7.8)
    cocoapods-try (0.5.1)
    colored (1.2)
    dotenv (2.0.2)
    escape (0.0.4)
    fuzzy_match (2.0.4)
    i18n (0.7.0)
    json (1.8.3)
    mini_portile2 (2.8.0)
    minitest (5.8.3)
    molinillo (0.4.0)
    nap (1.0.0)
    netrc (0.7.8)
    nokogiri (1.13.4)
      mini_portile2 (~> 2.8.0)
      racc (~> 1.4)
    osx_keychain (1.0.1)
      RubyInline (~> 3)
    racc (1.6.0)
    rake (10.4.2)
    rouge (1.11.1)
    slather (1.8.1)
      clamp (~> 0.6)
      xcodeproj (~> 0.17)
    thread_safe (0.3.5)
    tzinfo (1.2.2)
      thread_safe (~> 0.1)
    xcodeproj (0.28.2)
      activesupport (>= 3)
      claide (~> 0.9.1)
      colored (~> 1.2)
    xcpretty (0.2.2)
      rouge (~> 1.8)
    xctasks (0.6.0)
      nokogiri (~> 1.6, >= 1.6.3.1)
      rake (~> 10.0, >= 10.0.0)

PLATFORMS
  ruby

DEPENDENCIES
  cocoapods (>= 0.39.0)
  cocoapods-coverage (>= 0.2.0)
  cocoapods-keys
  cocoapods-packager (~> 1.3.0)
  nokogiri (= 1.13.4)
  xcpretty

BUNDLED WITH
   1.12.5
